PATH
  remote: .
  specs:
    ansel_iconv (1.1.5)
      activesupport (~> 2.3.8)

GEM
  remote: http://rubygems.org/
  specs:
    activesupport (2.3.10)
    shoulda (2.11.3)

PLATFORMS
  ruby

DEPENDENCIES
  activesupport (~> 2.3.8)
  ansel_iconv!
  shoulda (~> 2.11.3)
