PATH
  remote: .
  specs:
    ansel_iconv (1.1.5)
      activesupport (~> 2.3.10)

GEM
  remote: http://rubygems.org/
  specs:
    activesupport (2.3.10)
    diff-lcs (1.1.2)
    rspec (2.3.0)
      rspec-core (~> 2.3.0)
      rspec-expectations (~> 2.3.0)
      rspec-mocks (~> 2.3.0)
    rspec-core (2.3.1)
    rspec-expectations (2.3.0)
      diff-lcs (~> 1.1.2)
    rspec-mocks (2.3.0)

PLATFORMS
  ruby

DEPENDENCIES
  activesupport (~> 2.3.10)
  ansel_iconv!
  rspec (~> 2.3.0)
